GEM
  remote: https://rubygems.org/
  specs:
    asciidoctor (2.0.20)

PLATFORMS
  x86_64-linux

DEPENDENCIES
  asciidoctor (~> 2.0)

BUNDLED WITH
   2.4.15
